GEM
  remote: https://rubygems.org/
  specs:
    coderay (1.0.9)
    diff-lcs (1.1.3)
    logger (1.2.8)
    method_source (0.8.2)
    pry (0.9.12.2)
      coderay (~> 1.0.5)
      method_source (~> 0.8)
      slop (~> 3.4)
    require_all (1.2.1)
    rspec (2.12.0)
      rspec-core (~> 2.12.0)
      rspec-expectations (~> 2.12.0)
      rspec-mocks (~> 2.12.0)
    rspec-core (2.12.2)
    rspec-expectations (2.12.1)
      diff-lcs (~> 1.1.3)
    rspec-mocks (2.12.2)
    slop (3.4.6)
    thor (0.17.0)

PLATFORMS
  ruby

DEPENDENCIES
  logger (~> 1.2.8)
  pry (~> 0.9.1)
  require_all (~> 1.2.1)
  rspec (~> 2.12.0)
  thor (~> 0.17.0)
